PATH
  remote: .
  specs:
    wild (0.1.0)
      thor
      zk
      zk-group
      zk-server

GEM
  remote: http://rubygems.org/
  specs:
    diff-lcs (1.1.3)
    ffi (1.1.5)
    guard (1.3.2)
      listen (>= 0.4.2)
      thor (>= 0.14.6)
    guard-bundler (1.0.0)
      bundler (~> 1.0)
      guard (~> 1.1)
    guard-rspec (1.2.1)
      guard (>= 1.1)
    listen (0.4.7)
      rb-fchange (~> 0.0.5)
      rb-fsevent (~> 0.9.1)
      rb-inotify (~> 0.8.8)
    little-plugger (1.1.3)
    logging (1.7.2)
      little-plugger (>= 1.1.3)
    rb-fchange (0.0.5)
      ffi
    rb-fsevent (0.9.1)
    rb-inotify (0.8.8)
      ffi (>= 0.5.0)
    rspec (2.11.0)
      rspec-core (~> 2.11.0)
      rspec-expectations (~> 2.11.0)
      rspec-mocks (~> 2.11.0)
    rspec-core (2.11.1)
    rspec-expectations (2.11.2)
      diff-lcs (~> 1.1.3)
    rspec-mocks (2.11.2)
    slop (3.2.0)
    slyphon-log4j (1.2.15)
    slyphon-zookeeper_jar (3.3.5)
    terminal-notifier-guard (1.5.3)
    thor (0.16.0)
    zk (1.6.5)
      logging (~> 1.7.2)
      zookeeper (~> 1.3.0)
    zk-group (0.1.1)
      zk (~> 1.6.0)
    zk-server (1.1.3)
      bundler (~> 1.1.3)
      slop (~> 3.2.0)
      slyphon-log4j (= 1.2.15)
      slyphon-zookeeper_jar (~> 3.3.5)
    zookeeper (1.3.0)
      logging (~> 1.7.2)

PLATFORMS
  ruby

DEPENDENCIES
  guard-bundler
  guard-rspec
  rspec
  terminal-notifier-guard
  wild!
