PATH
  remote: .
  specs:
    wild (0.1.0)
      thor
      zk
      zk-server

GEM
  remote: https://rubygems.org/
  specs:
    coderay (1.0.7)
    diff-lcs (1.1.3)
    godot (0.3.0)
    guard (1.3.2)
      listen (>= 0.4.2)
      thor (>= 0.14.6)
    guard-bundler (1.0.0)
      bundler (~> 1.0)
      guard (~> 1.1)
    guard-rspec (1.2.1)
      guard (>= 1.1)
    listen (0.5.0)
    little-plugger (1.1.3)
    logging (1.7.2)
      little-plugger (>= 1.1.3)
    method_source (0.8)
    pry (0.8.3)
      coderay (>= 0.9.7)
      method_source (>= 0.4.0)
      ruby_parser (>= 2.0.5)
      slop (>= 1.5.3)
    rb-fsevent (0.9.1)
    rspec (2.11.0)
      rspec-core (~> 2.11.0)
      rspec-expectations (~> 2.11.0)
      rspec-mocks (~> 2.11.0)
    rspec-core (2.11.1)
    rspec-expectations (2.11.3)
      diff-lcs (~> 1.1.3)
    rspec-mocks (2.11.2)
    ruby_parser (2.3.1)
      sexp_processor (~> 3.0)
    sexp_processor (3.2.0)
    slop (3.2.0)
    slyphon-log4j (1.2.15)
    slyphon-zookeeper_jar (3.3.5)
    terminal-notifier-guard (1.5.3)
    thor (0.16.0)
    zk (1.8.0)
      logging (~> 1.7.2)
      zookeeper (~> 1.4.0)
    zk-server (1.1.5)
      bundler (~> 1)
      slop (~> 3.2.0)
      slyphon-log4j (= 1.2.15)
      slyphon-zookeeper_jar (~> 3.3.5)
    zookeeper (1.4.3)

PLATFORMS
  ruby

DEPENDENCIES
  godot
  guard-bundler
  guard-rspec
  pry
  rb-fsevent
  rspec
  terminal-notifier-guard
  wild!
